GEM
  remote: https://rubygems.org/
  specs:
    json (2.1.0)
    mqtt (0.5.0)
    rack (1.6.5)
    rack-protection (1.5.3)
      rack
    sequel (4.45.0)
    sinatra (1.4.8)
      rack (~> 1.5)
      rack-protection (~> 1.4)
      tilt (>= 1.3, < 3)
    sqlite3 (1.3.13)
    tilt (2.0.7)

PLATFORMS
  ruby

DEPENDENCIES
  json
  mqtt
  sequel
  sinatra
  sqlite3

BUNDLED WITH
   1.13.6
